GIT
  remote: git://github.com/mshick/paginate
  revision: cbef3cdd4cc18b0029d0845f8f88b0fa8c56a6df
  branch: jekyll3
  specs:
    octopress-paginate (1.1.2)
      jekyll

GIT
  remote: https://github.com/octopress/hooks.git
  revision: 9ec9efcbe8e2aa4d79d2a35543a29b51f3e6feb2
  specs:
    octopress-hooks (2.6.1)
      jekyll (>= 2.0)

GEM
  remote: https://rubygems.org/
  specs:
    autoprefixer-rails (6.4.0.2)
      execjs
    colorator (1.1.0)
    concurrent-ruby (1.0.2)
    execjs (2.7.0)
    ffi (1.9.14)
    font-awesome-sass (4.6.2)
      sass (>= 3.2)
    forwardable-extended (2.6.0)
    jekyll (3.2.1)
      colorator (~> 1.0)
      jekyll-sass-converter (~> 1.0)
      jekyll-watch (~> 1.1)
      kramdown (~> 1.3)
      liquid (~> 3.0)
      mercenary (~> 0.3.3)
      pathutil (~> 0.9)
      rouge (~> 1.7)
      safe_yaml (~> 1.0)
    jekyll-paginate (1.1.0)
    jekyll-sass-converter (1.4.0)
      sass (~> 3.4)
    jekyll-watch (1.5.0)
      listen (~> 3.0, < 3.1)
    kramdown (1.12.0)
    liquid (3.0.6)
    listen (3.0.8)
      rb-fsevent (~> 0.9, >= 0.9.4)
      rb-inotify (~> 0.9, >= 0.9.7)
    mercenary (0.3.6)
    octopress (3.0.11)
      jekyll (>= 2.0)
      mercenary (~> 0.3.2)
      octopress-deploy
      octopress-escape-code (~> 2.0)
      octopress-hooks (~> 2.0)
      redcarpet (~> 3.0)
      titlecase
    octopress-autoprefixer (2.0.0)
      autoprefixer-rails
      jekyll (~> 3.0)
    octopress-deploy (1.3.0)
      colorator
    octopress-escape-code (2.1.1)
      jekyll (~> 3.0)
    pathutil (0.14.0)
      forwardable-extended (~> 2.6)
    rack (1.6.4)
    rack-jekyll (0.5.0)
      jekyll (>= 1.3)
      listen (>= 1.3)
      rack (~> 1.5)
    rb-fsevent (0.9.7)
    rb-inotify (0.9.7)
      ffi (>= 0.5.0)
    redcarpet (3.3.4)
    rouge (1.11.1)
    safe_yaml (1.0.4)
    sass (3.4.22)
    sprockets (3.7.0)
      concurrent-ruby (~> 1.0)
      rack (> 1, < 3)
    titlecase (0.1.1)

PLATFORMS
  ruby

DEPENDENCIES
  bundler
  font-awesome-sass
  jekyll
  jekyll-paginate
  octopress
  octopress-autoprefixer
  octopress-hooks!
  octopress-paginate!
  rack-jekyll
  sprockets

BUNDLED WITH
   1.12.5
