GEM
  remote: https://rubygems.org/
  specs:
    bourbon (4.2.7)
      sass (~> 3.4)
      thor (~> 0.19)
    colorator (0.1)
    concurrent-ruby (1.0.2)
    ffi (1.9.13)
    font-awesome-sass (4.3.2.1)
      sass (~> 3.2)
    jekyll (3.1.6)
      colorator (~> 0.1)
      jekyll-sass-converter (~> 1.0)
      jekyll-watch (~> 1.1)
      kramdown (~> 1.3)
      liquid (~> 3.0)
      mercenary (~> 0.3.3)
      rouge (~> 1.7)
      safe_yaml (~> 1.0)
    jekyll-sass-converter (1.4.0)
      sass (~> 3.4)
    jekyll-watch (1.4.0)
      listen (~> 3.0, < 3.1)
    kramdown (1.11.1)
    liquid (3.0.6)
    listen (3.0.8)
      rb-fsevent (~> 0.9, >= 0.9.4)
      rb-inotify (~> 0.9, >= 0.9.7)
    mercenary (0.3.6)
    rack (1.6.4)
    rb-fsevent (0.9.7)
    rb-inotify (0.9.7)
      ffi (>= 0.5.0)
    rouge (1.11.1)
    safe_yaml (1.0.4)
    sass (3.4.22)
    sprockets (3.6.3)
      concurrent-ruby (~> 1.0)
      rack (> 1, < 3)
    thor (0.19.1)

PLATFORMS
  ruby

DEPENDENCIES
  bourbon
  font-awesome-sass
  jekyll
  sprockets

BUNDLED WITH
   1.12.5
